GIT
  remote: https://github.com/jonatack/kraken_ruby_client.git
  revision: 591fbb707b16a6ce8e67b58eafb18372541f10fe
  specs:
    kraken_ruby_client (0.0.1)
      curb (~> 0.9)

GEM
  remote: https://rubygems.org/
  specs:
    byebug (11.1.3)
    curb (0.9.10)
    dotenv (2.7.6)
    equatable (0.6.1)
    necromancer (0.6.0)
    pastel (0.7.4)
      equatable (~> 0.6)
      tty-color (~> 0.5)
    rack (2.2.3)
    strings (0.1.8)
      strings-ansi (~> 0.1)
      unicode-display_width (~> 1.5)
      unicode_utils (~> 1.4)
    strings-ansi (0.2.0)
    tty-color (0.5.2)
    tty-screen (0.8.1)
    tty-table (0.11.0)
      equatable (~> 0.6)
      necromancer (~> 0.5)
      pastel (~> 0.7.2)
      strings (~> 0.1.5)
      tty-screen (~> 0.7)
    unicode-display_width (1.7.0)
    unicode_utils (1.4.0)

PLATFORMS
  ruby

DEPENDENCIES
  byebug
  dotenv
  kraken_ruby_client!
  rack
  tty-table

RUBY VERSION
   ruby 2.7.1p83

BUNDLED WITH
   2.1.4
